GEM
  remote: https://rubygems.org/
  specs:
    rack (2.2.3)
    webrick (1.7.0)

PLATFORMS
  aarch64-linux-musl

DEPENDENCIES
  rack
  webrick

BUNDLED WITH
   2.3.3
